PATH
  remote: ..
  specs:
    puppet-unit (0.1.0)
      net-scp
      net-ssh
      ruby-libvirt

GEM
  remote: https://rubygems.org/
  specs:
    coderay (1.1.2)
    method_source (0.9.0)
    net-scp (1.2.1)
      net-ssh (>= 2.6.5)
    net-ssh (4.2.0)
    pry (0.11.3)
      coderay (~> 1.1.0)
      method_source (~> 0.9.0)
    ruby-libvirt (0.7.1)

PLATFORMS
  ruby

DEPENDENCIES
  pry
  puppet-unit!

BUNDLED WITH
   1.16.1
